GIT
  remote: git://github.com/eLocal/mobylette.git
  revision: d6c8b8db7a97db975ba6870916485a7a55ffbdf9
  specs:
    mobylette (3.5)
      actionpack (>= 3.0)

GIT
  remote: git://github.com/masao/enju_grid.git
  revision: 98c853bfe4a4a04dc01b7e97d41ee49794a4b8c6
  branch: 1.1
  specs:
    enju_grid (0.0.1)

GIT
  remote: git://github.com/next-l/enju_biblio.git
  revision: 46efa33e7409c970a2bb60425a801215ecfe7cc3
  branch: 1.1
  specs:
    enju_biblio (0.1.3)
      aws-sdk
      dynamic_form
      faraday
      jc-validates_timeliness (~> 3.1)
      library_stdnums
      lisbn
      marc
      paper_trail (~> 4.2)
      paperclip
      paperclip-meta (~> 2.0)
      resque_mailer
      simple_form
      statesman (~> 1.3)

GIT
  remote: git://github.com/next-l/enju_circulation.git
  revision: 78d7f9437a45215913c3defe1a3d92e5f984331d
  branch: 1.1
  specs:
    enju_circulation (0.1.2)
      enju_event (~> 0.1.19)
      enju_leaf (~> 1.1.3)

GIT
  remote: git://github.com/next-l/enju_flower.git
  revision: d2a999141aa7431b5dbc4cb042b81dd0ca1d456e
  branch: 1.1
  specs:
    enju_flower (0.1.2)

GIT
  remote: git://github.com/next-l/enju_leaf.git
  revision: 015e31363838c483abebe64e3308d5ff88f6a1e1
  branch: 1.1
  specs:
    enju_leaf (1.1.4)
      acts_as_list (~> 0.7)
      addressable
      attribute_normalizer (~> 1.2)
      cancancan (~> 1.14)
      dalli
      devise (~> 3.5)
      devise-encryptable
      enju_biblio (~> 0.1.1)
      enju_library (~> 0.1.0)
      enju_manifestation_viewer (~> 0.1.0)
      friendly_id (>= 4.0)
      jquery-ui-rails (~> 4.2.1)
      json_pure (~> 1.8.3)
      kaminari (~> 0.16.3)
      kramdown
      mime-types
      mobylette (~> 3.5)
      nested_form
      paperclip (~> 4.2)
      paperclip-meta (~> 2.0)
      rails (>= 3.2.22, < 5.0)
      rails_autolink
      redis-rails
      resque
      resque-scheduler (~> 4.1)
      sitemap_generator (~> 5.1)
      statesman (~> 1.3)
      sunspot_rails (= 2.2.0)
      turbolinks (~> 2.5.3)

GIT
  remote: git://github.com/next-l/enju_loc.git
  revision: 3288d5e7e2913f1ce3716283ba78f5eb94e71788
  branch: 1.1
  specs:
    enju_loc (0.1.1)
      faraday
      nokogiri (~> 1.6.6)

GIT
  remote: git://github.com/next-l/enju_manifestation_viewer.git
  revision: cd3327385f93e69c3a5b14245b959c0380adba82
  branch: 1.1
  specs:
    enju_manifestation_viewer (0.1.1)
      enju_biblio (~> 0.1.2)

GIT
  remote: git://github.com/next-l/enju_ndl.git
  revision: 2d25d11d4e5f6e17ff45bfa843b66d0967d13515
  branch: 1.1
  specs:
    enju_ndl (0.1.1)
      faraday
      library_stdnums
      lisbn
      nokogiri (~> 1.6.6)

GIT
  remote: git://github.com/next-l/enju_nii.git
  revision: a7796d5a609ad1c372eb0f93367ba9813cc5781a
  branch: 1.1
  specs:
    enju_nii (0.1.1)
      enju_biblio (~> 0.1.2)
      faraday

GIT
  remote: git://github.com/next-l/enju_subject.git
  revision: 1534631e769ac87ec7aa211d28c8386b43f12b35
  branch: 1.1
  specs:
    enju_subject (0.1.1)
      dynamic_form

GEM
  remote: https://rubygems.org/
  specs:
    actionmailer (4.2.7.1)
      actionpack (= 4.2.7.1)
      actionview (= 4.2.7.1)
      activejob (= 4.2.7.1)
      mail (~> 2.5, >= 2.5.4)
      rails-dom-testing (~> 1.0, >= 1.0.5)
    actionpack (4.2.7.1)
      actionview (= 4.2.7.1)
      activesupport (= 4.2.7.1)
      rack (~> 1.6)
      rack-test (~> 0.6.2)
      rails-dom-testing (~> 1.0, >= 1.0.5)
      rails-html-sanitizer (~> 1.0, >= 1.0.2)
    actionview (4.2.7.1)
      activesupport (= 4.2.7.1)
      builder (~> 3.1)
      erubis (~> 2.7.0)
      rails-dom-testing (~> 1.0, >= 1.0.5)
      rails-html-sanitizer (~> 1.0, >= 1.0.2)
    activejob (4.2.7.1)
      activesupport (= 4.2.7.1)
      globalid (>= 0.3.0)
    activemodel (4.2.7.1)
      activesupport (= 4.2.7.1)
      builder (~> 3.1)
    activerecord (4.2.7.1)
      activemodel (= 4.2.7.1)
      activesupport (= 4.2.7.1)
      arel (~> 6.0)
    activesupport (4.2.7.1)
      i18n (~> 0.7)
      json (~> 1.7, >= 1.7.7)
      minitest (~> 5.1)
      thread_safe (~> 0.3, >= 0.3.4)
      tzinfo (~> 1.1)
    acts_as_list (0.8.0)
      activerecord (>= 3.0)
    addressable (2.4.0)
    arel (6.0.3)
    attribute_normalizer (1.2.0)
    awesome_nested_set (3.1.1)
      activerecord (>= 4.0.0, < 5.1)
    aws-sdk (1.66.0)
      aws-sdk-v1 (= 1.66.0)
    aws-sdk-v1 (1.66.0)
      json (~> 1.4)
      nokogiri (>= 1.4.4)
    bcrypt (3.1.11)
    binding_of_caller (0.7.2)
      debug_inspector (>= 0.0.1)
    builder (3.2.2)
    byebug (9.0.5)
    cancancan (1.15.0)
    chronic (0.10.2)
    climate_control (0.0.3)
      activesupport (>= 3.0)
    cocaine (0.5.8)
      climate_control (>= 0.0.3, < 1.0)
    coffee-rails (4.1.1)
      coffee-script (>= 2.2.0)
      railties (>= 4.0.0, < 5.1.x)
    coffee-script (2.4.1)
      coffee-script-source
      execjs
    coffee-script-source (1.10.0)
    concurrent-ruby (1.0.2)
    dalli (2.7.6)
    debug_inspector (0.0.2)
    devise (3.5.10)
      bcrypt (~> 3.0)
      orm_adapter (~> 0.1)
      railties (>= 3.2.6, < 5)
      responders
      thread_safe (~> 0.1)
      warden (~> 1.2.3)
    devise-encryptable (0.2.0)
      devise (>= 2.1.0)
    dotenv (2.1.1)
    dotenv-rails (2.1.1)
      dotenv (= 2.1.1)
      railties (>= 4.0, < 5.1)
    dynamic_form (1.1.4)
    enju_event (0.1.19)
      enju_message (~> 0.1.16)
      paperclip
      rails_autolink
      ri_cal
      simple_form
      statesman (~> 1.3)
    enju_library (0.1.2)
      cancancan (~> 1.14)
      geocoder
      mime-types
      paperclip-meta (~> 2.0)
    enju_message (0.1.16)
      awesome_nested_set
      rails_autolink
      resque_mailer
      simple_form
      statesman (~> 1.3)
    erubis (2.7.0)
    exception_notification (4.1.4)
      actionmailer (~> 4.0)
      activesupport (~> 4.0)
    exception_notification-rake (0.2.1)
      exception_notification (~> 4.1.0)
      rake (>= 0.9.0)
    excon (0.52.0)
    execjs (2.7.0)
    faraday (0.9.2)
      multipart-post (>= 1.2, < 3)
    fog-aws (0.11.0)
      fog-core (~> 1.38)
      fog-json (~> 1.0)
      fog-xml (~> 0.1)
      ipaddress (~> 0.8)
    fog-core (1.42.0)
      builder
      excon (~> 0.49)
      formatador (~> 0.2)
    fog-json (1.0.2)
      fog-core (~> 1.0)
      multi_json (~> 1.10)
    fog-xml (0.1.2)
      fog-core
      nokogiri (~> 1.5, >= 1.5.11)
    foreman (0.82.0)
      thor (~> 0.19.1)
    formatador (0.2.5)
    friendly_id (5.1.0)
      activerecord (>= 4.0.0)
    geocoder (1.3.7)
    globalid (0.3.7)
      activesupport (>= 4.1.0)
    highline (1.7.8)
    i18n (0.7.0)
    ipaddress (0.8.3)
    jbuilder (2.6.0)
      activesupport (>= 3.0.0, < 5.1)
      multi_json (~> 1.2)
    jc-validates_timeliness (3.1.1)
      timeliness (~> 0.3.7)
    jquery-rails (4.2.1)
      rails-dom-testing (>= 1, < 3)
      railties (>= 4.2.0)
      thor (>= 0.14, < 2.0)
    jquery-ui-rails (4.2.1)
      railties (>= 3.2.16)
    json (1.8.3)
    json_pure (1.8.3)
    kaminari (0.16.3)
      actionpack (>= 3.0.0)
      activesupport (>= 3.0.0)
    kgio (2.10.0)
    kramdown (1.12.0)
    library_stdnums (1.4.1)
    lisbn (0.2.2)
      nokogiri
      nori (~> 2.0)
    loofah (2.0.3)
      nokogiri (>= 1.5.9)
    mail (2.6.4)
      mime-types (>= 1.16, < 4)
    marc (1.0.0)
      scrub_rb (>= 1.0.1, < 2)
      unf
    memcachier (0.0.2)
    mime-types (3.1)
      mime-types-data (~> 3.2015)
    mime-types-data (3.2016.0521)
    mimemagic (0.3.0)
    mini_portile2 (2.1.0)
    minitest (5.9.0)
    mono_logger (1.1.0)
    multi_json (1.12.1)
    multipart-post (2.0.0)
    nested_form (0.3.2)
    newrelic_rpm (3.16.2.321)
    nokogiri (1.6.8)
      mini_portile2 (~> 2.1.0)
      pkg-config (~> 1.1.7)
    non-stupid-digest-assets (1.0.8)
      sprockets (>= 2.0)
    nori (2.6.0)
    options (2.3.2)
    orm_adapter (0.5.0)
    paper_trail (4.2.0)
      activerecord (>= 3.0, < 6.0)
      activesupport (>= 3.0, < 6.0)
      request_store (~> 1.1)
    paperclip (4.3.7)
      activemodel (>= 3.2.0)
      activesupport (>= 3.2.0)
      cocaine (~> 0.5.5)
      mime-types
      mimemagic (= 0.3.0)
    paperclip-meta (2.0.1)
      paperclip (>= 3.0.2, < 5.0)
    pg (0.18.4)
    pkg-config (1.1.7)
    pr_geohash (1.0.0)
    progress_bar (1.0.5)
      highline (~> 1.6)
      options (~> 2.3.0)
    rack (1.6.4)
    rack-protection (1.5.3)
      rack
    rack-test (0.6.3)
      rack (>= 1.0)
    rails (4.2.7.1)
      actionmailer (= 4.2.7.1)
      actionpack (= 4.2.7.1)
      actionview (= 4.2.7.1)
      activejob (= 4.2.7.1)
      activemodel (= 4.2.7.1)
      activerecord (= 4.2.7.1)
      activesupport (= 4.2.7.1)
      bundler (>= 1.3.0, < 2.0)
      railties (= 4.2.7.1)
      sprockets-rails
    rails-deprecated_sanitizer (1.0.3)
      activesupport (>= 4.2.0.alpha)
    rails-dom-testing (1.0.7)
      activesupport (>= 4.2.0.beta, < 5.0)
      nokogiri (~> 1.6.0)
      rails-deprecated_sanitizer (>= 1.0.1)
    rails-html-sanitizer (1.0.3)
      loofah (~> 2.0)
    rails_12factor (0.0.3)
      rails_serve_static_assets
      rails_stdout_logging
    rails_autolink (1.1.6)
      rails (> 3.1)
    rails_serve_static_assets (0.0.5)
    rails_stdout_logging (0.0.5)
    railties (4.2.7.1)
      actionpack (= 4.2.7.1)
      activesupport (= 4.2.7.1)
      rake (>= 0.8.7)
      thor (>= 0.18.1, < 2.0)
    raindrops (0.17.0)
    rake (11.2.2)
    redis (3.3.1)
    redis-actionpack (5.0.0)
      actionpack (>= 4.0.0, < 6)
      redis-rack (~> 2.0.0.pre)
      redis-store (~> 1.2.0.pre)
    redis-activesupport (5.0.1)
      activesupport (>= 3, < 6)
      redis-store (~> 1.2.0)
    redis-namespace (1.5.2)
      redis (~> 3.0, >= 3.0.4)
    redis-rack (2.0.0.pre)
      rack (> 1.5, < 3)
      redis-store (~> 1.2.0.pre)
    redis-rails (5.0.1)
      redis-actionpack (~> 5.0.0)
      redis-activesupport (~> 5.0.0)
      redis-store (~> 1.2.0)
    redis-store (1.2.0)
      redis (>= 2.2)
    request_store (1.3.1)
    responders (2.3.0)
      railties (>= 4.2.0, < 5.1)
    resque (1.26.0)
      mono_logger (~> 1.0)
      multi_json (~> 1.0)
      redis-namespace (~> 1.3)
      sinatra (>= 0.9.2)
      vegas (~> 0.1.2)
    resque-scheduler (4.3.0)
      mono_logger (~> 1.0)
      redis (~> 3.3)
      resque (~> 1.26)
      rufus-scheduler (~> 3.2)
    resque_mailer (2.3.1)
      actionmailer (>= 3.0)
    ri_cal (0.8.8)
    rsolr (1.0.13)
      builder (>= 2.1.2)
    rufus-scheduler (3.2.2)
    sass (3.4.22)
    sass-rails (5.0.6)
      railties (>= 4.0.0, < 6)
      sass (~> 3.1)
      sprockets (>= 2.8, < 4.0)
      sprockets-rails (>= 2.0, < 4.0)
      tilt (>= 1.1, < 3)
    scrub_rb (1.0.1)
    simple_form (3.3.0)
      actionpack (> 4, < 5.1)
      activemodel (> 4, < 5.1)
    sinatra (1.4.7)
      rack (~> 1.5)
      rack-protection (~> 1.4)
      tilt (>= 1.3, < 3)
    sitemap_generator (5.1.0)
      builder
    spring (1.7.2)
    sprockets (3.7.0)
      concurrent-ruby (~> 1.0)
      rack (> 1, < 3)
    sprockets-rails (3.1.1)
      actionpack (>= 4.0)
      activesupport (>= 4.0)
      sprockets (>= 3.0.0)
    statesman (1.3.1)
    sunspot (2.2.0)
      pr_geohash (~> 1.0)
      rsolr (~> 1.0.7)
    sunspot_rails (2.2.0)
      nokogiri
      rails (>= 3)
      sunspot (= 2.2.0)
    sunspot_solr (2.1.1)
    thor (0.19.1)
    thread_safe (0.3.5)
    tilt (2.0.5)
    timeliness (0.3.8)
    turbolinks (2.5.3)
      coffee-rails
    tzinfo (1.2.2)
      thread_safe (~> 0.1)
    uglifier (3.0.2)
      execjs (>= 0.3.0, < 3)
    unf (0.1.4)
      unf_ext
    unf_ext (0.0.7.2)
    unicorn (5.1.0)
      kgio (~> 2.6)
      raindrops (~> 0.7)
    vegas (0.1.11)
      rack (>= 1.0.0)
    warden (1.2.6)
      rack (>= 1.0)
    web-console (2.3.0)
      activemodel (>= 4.0)
      binding_of_caller (>= 0.7.2)
      railties (>= 4.0)
      sprockets-rails (>= 2.0, < 4.0)
    whenever (0.9.7)
      chronic (>= 0.6.3)

PLATFORMS
  ruby

DEPENDENCIES
  aws-sdk (< 2.0)
  byebug
  coffee-rails (~> 4.1.0)
  dotenv-rails
  enju_biblio!
  enju_circulation!
  enju_flower!
  enju_grid!
  enju_leaf!
  enju_loc!
  enju_manifestation_viewer!
  enju_ndl!
  enju_nii!
  enju_subject!
  exception_notification (~> 4.0)
  exception_notification-rake
  fog-aws
  foreman
  jbuilder (~> 2.0)
  jquery-rails
  memcachier
  mobylette!
  newrelic_rpm
  non-stupid-digest-assets
  pg
  progress_bar
  rails (~> 4.2)
  rails_12factor
  sass-rails (~> 5.0)
  spring
  sunspot_solr (~> 2.1.1)
  turbolinks
  uglifier (>= 1.3.0)
  unicorn
  web-console (~> 2.0)
  whenever

RUBY VERSION
   ruby 2.3.1p112

BUNDLED WITH
   1.12.5
