GIT
  remote: git://github.com/masao/enju_grid.git
  revision: 9d52288d716d4d4bc97191007f18b1be52a13f48
  branch: 1.1
  specs:
    enju_grid (0.0.1)

GIT
  remote: git://github.com/next-l/enju_biblio.git
  revision: dbbe16b1d6e6a5287d5c99c39f082de6c5eac354
  branch: 1.1
  specs:
    enju_biblio (0.1.0.pre67)
      aws-sdk
      dynamic_form
      faraday
      jc-validates_timeliness
      library_stdnums
      lisbn
      marc
      paper_trail (~> 3.0)
      paperclip
      paperclip-meta
      resque_mailer
      simple_form
      statesman

GIT
  remote: git://github.com/next-l/enju_circulation.git
  revision: bf81b3737dcc5c02817a1f3c08ed54e561ae6f4d
  branch: 1.1
  specs:
    enju_circulation (0.1.0.pre47)
      enju_biblio (~> 0.1.0.pre66)
      enju_event (~> 0.1.17.pre26)
      enju_library (~> 0.1.0.pre41)
      enju_message (~> 0.1.14.pre24)

GIT
  remote: git://github.com/next-l/enju_flower.git
  revision: 38aeded6c83b2f20362ef228b1d111cf368a9ab3
  branch: 1.1
  specs:
    enju_flower (0.1.0.pre22)

GIT
  remote: git://github.com/next-l/enju_leaf.git
  revision: 1c5e304fd09c23983caf0aaab5ad310c99464e99
  branch: 1.1
  specs:
    enju_leaf (1.1.0.rc20)
      acts_as_list (~> 0.7)
      addressable
      attribute_normalizer (~> 1.2)
      cancancan (~> 1.12)
      dalli
      devise (~> 3.5)
      devise-encryptable
      enju_biblio (~> 0.1.0.pre67)
      enju_library (~> 0.1.0.pre42)
      enju_manifestation_viewer (~> 0.1.0.pre18)
      friendly_id (>= 4.0)
      jquery-ui-rails (~> 4.2.1)
      kaminari (~> 0.16.3)
      kramdown
      mobylette (~> 3.5)
      nested_form
      paperclip (~> 4.2)
      rails (>= 3.2.22, < 5.0)
      rails_autolink
      redis-rails
      resque
      resque-scheduler (~> 4.0)
      sitemap_generator
      statesman
      sunspot_rails (~> 2.2)

GIT
  remote: git://github.com/next-l/enju_loc.git
  revision: 655bf33e102a5233e21227bb241d6288646fb2dd
  branch: 1.1
  specs:
    enju_loc (0.1.0.pre5)
      faraday
      nokogiri (~> 1.6.6)

GIT
  remote: git://github.com/next-l/enju_manifestation_viewer.git
  revision: 795065ccdbcb233b6beb7cb36e382e4d8d142c83
  branch: 1.1
  specs:
    enju_manifestation_viewer (0.1.0.pre18)
      enju_biblio (~> 0.1.0.pre66)

GIT
  remote: git://github.com/next-l/enju_ndl.git
  revision: 5ee77a153be74597cf5e2c3a68040ff03226a456
  branch: 1.1
  specs:
    enju_ndl (0.1.0.pre37)
      faraday
      library_stdnums
      lisbn
      nokogiri (~> 1.6.6)

GIT
  remote: git://github.com/next-l/enju_subject.git
  revision: 8b02ac87d40166bf76a822f5b577df86a37cc1a6
  branch: 1.1
  specs:
    enju_subject (0.1.0.pre32)
      dynamic_form

GEM
  remote: https://rubygems.org/
  specs:
    actionmailer (4.2.1)
      actionpack (= 4.2.1)
      actionview (= 4.2.1)
      activejob (= 4.2.1)
      mail (~> 2.5, >= 2.5.4)
      rails-dom-testing (~> 1.0, >= 1.0.5)
    actionpack (4.2.1)
      actionview (= 4.2.1)
      activesupport (= 4.2.1)
      rack (~> 1.6)
      rack-test (~> 0.6.2)
      rails-dom-testing (~> 1.0, >= 1.0.5)
      rails-html-sanitizer (~> 1.0, >= 1.0.1)
    actionview (4.2.1)
      activesupport (= 4.2.1)
      builder (~> 3.1)
      erubis (~> 2.7.0)
      rails-dom-testing (~> 1.0, >= 1.0.5)
      rails-html-sanitizer (~> 1.0, >= 1.0.1)
    activejob (4.2.1)
      activesupport (= 4.2.1)
      globalid (>= 0.3.0)
    activemodel (4.2.1)
      activesupport (= 4.2.1)
      builder (~> 3.1)
    activerecord (4.2.1)
      activemodel (= 4.2.1)
      activesupport (= 4.2.1)
      arel (~> 6.0)
    activesupport (4.2.1)
      i18n (~> 0.7)
      json (~> 1.7, >= 1.7.7)
      minitest (~> 5.1)
      thread_safe (~> 0.3, >= 0.3.4)
      tzinfo (~> 1.1)
    acts_as_list (0.7.2)
      activerecord (>= 3.0)
    addressable (2.3.8)
    arel (6.0.0)
    attribute_normalizer (1.2.0)
    awesome_nested_set (3.0.2)
      activerecord (>= 4.0.0, < 5)
    aws-sdk (1.64.0)
      aws-sdk-v1 (= 1.64.0)
    aws-sdk-v1 (1.64.0)
      json (~> 1.4)
      nokogiri (>= 1.4.4)
    bcrypt (3.1.10)
    binding_of_caller (0.7.2)
      debug_inspector (>= 0.0.1)
    builder (3.2.2)
    byebug (5.0.0)
      columnize (= 0.9.0)
    cancancan (1.12.0)
    chronic (0.10.2)
    climate_control (0.0.3)
      activesupport (>= 3.0)
    cocaine (0.5.7)
      climate_control (>= 0.0.3, < 1.0)
    coffee-rails (4.1.0)
      coffee-script (>= 2.2.0)
      railties (>= 4.0.0, < 5.0)
    coffee-script (2.4.1)
      coffee-script-source
      execjs
    coffee-script-source (1.9.1.1)
    columnize (0.9.0)
    dalli (2.7.4)
    debug_inspector (0.0.2)
    devise (3.5.1)
      bcrypt (~> 3.0)
      orm_adapter (~> 0.1)
      railties (>= 3.2.6, < 5)
      responders
      thread_safe (~> 0.1)
      warden (~> 1.2.3)
    devise-encryptable (0.2.0)
      devise (>= 2.1.0)
    dotenv (2.0.2)
    dotenv-rails (2.0.2)
      dotenv (= 2.0.2)
      railties (~> 4.0)
    dynamic_form (1.1.4)
    enju_event (0.1.17.pre26)
      enju_message (~> 0.1.14.pre24)
      paperclip
      rails_autolink
      ri_cal
      simple_form
      statesman
    enju_library (0.1.0.pre42)
      geocoder
    enju_message (0.1.14.pre24)
      awesome_nested_set
      rails_autolink
      resque_mailer
      simple_form
      statesman
    erubis (2.7.0)
    exception_notification (4.1.1)
      actionmailer (>= 3.0.4)
      activesupport (>= 3.0.4)
    exception_notification-rake (0.2.1)
      exception_notification (~> 4.1.0)
      rake (>= 0.9.0)
    execjs (2.5.2)
    faraday (0.9.1)
      multipart-post (>= 1.2, < 3)
    foreman (0.78.0)
      thor (~> 0.19.1)
    friendly_id (5.1.0)
      activerecord (>= 4.0.0)
    geocoder (1.2.9)
    globalid (0.3.5)
      activesupport (>= 4.1.0)
    highline (1.6.21)
    i18n (0.7.0)
    jbuilder (2.3.1)
      activesupport (>= 3.0.0, < 5)
      multi_json (~> 1.2)
    jc-validates_timeliness (3.1.1)
      timeliness (~> 0.3.7)
    jquery-rails (4.0.4)
      rails-dom-testing (~> 1.0)
      railties (>= 4.2.0)
      thor (>= 0.14, < 2.0)
    jquery-ui-rails (4.2.1)
      railties (>= 3.2.16)
    json (1.8.3)
    kaminari (0.16.3)
      actionpack (>= 3.0.0)
      activesupport (>= 3.0.0)
    kgio (2.9.3)
    kramdown (1.8.0)
    library_stdnums (1.4.1)
    lisbn (0.2.2)
      nokogiri
      nori (~> 2.0)
    loofah (2.0.2)
      nokogiri (>= 1.5.9)
    mail (2.6.3)
      mime-types (>= 1.16, < 3)
    marc (1.0.0)
      scrub_rb (>= 1.0.1, < 2)
      unf
    memcachier (0.0.2)
    mime-types (2.6.1)
    mimemagic (0.3.0)
    mini_portile (0.6.2)
    minitest (5.7.0)
    mobylette (3.5)
      actionpack (>= 3.0)
    mono_logger (1.1.0)
    multi_json (1.11.2)
    multipart-post (2.0.0)
    nested_form (0.3.2)
    newrelic_rpm (3.12.1.298)
    nokogiri (1.6.6.2)
      mini_portile (~> 0.6.0)
    non-stupid-digest-assets (1.0.4)
    nori (2.6.0)
    options (2.3.2)
    orm_adapter (0.5.0)
    paper_trail (3.0.8)
      activerecord (>= 3.0, < 5.0)
      activesupport (>= 3.0, < 5.0)
    paperclip (4.3.0)
      activemodel (>= 3.2.0)
      activesupport (>= 3.2.0)
      cocaine (~> 0.5.5)
      mime-types
      mimemagic (= 0.3.0)
    paperclip-meta (1.2.0)
      paperclip (>= 3.0.2, < 5.0)
    pg (0.18.2)
    pr_geohash (1.0.0)
    progress_bar (1.0.3)
      highline (~> 1.6.1)
      options (~> 2.3.0)
    rack (1.6.4)
    rack-protection (1.5.3)
      rack
    rack-test (0.6.3)
      rack (>= 1.0)
    rails (4.2.1)
      actionmailer (= 4.2.1)
      actionpack (= 4.2.1)
      actionview (= 4.2.1)
      activejob (= 4.2.1)
      activemodel (= 4.2.1)
      activerecord (= 4.2.1)
      activesupport (= 4.2.1)
      bundler (>= 1.3.0, < 2.0)
      railties (= 4.2.1)
      sprockets-rails
    rails-deprecated_sanitizer (1.0.3)
      activesupport (>= 4.2.0.alpha)
    rails-dom-testing (1.0.6)
      activesupport (>= 4.2.0.beta, < 5.0)
      nokogiri (~> 1.6.0)
      rails-deprecated_sanitizer (>= 1.0.1)
    rails-html-sanitizer (1.0.2)
      loofah (~> 2.0)
    rails_12factor (0.0.3)
      rails_serve_static_assets
      rails_stdout_logging
    rails_autolink (1.1.6)
      rails (> 3.1)
    rails_serve_static_assets (0.0.4)
    rails_stdout_logging (0.0.3)
    railties (4.2.1)
      actionpack (= 4.2.1)
      activesupport (= 4.2.1)
      rake (>= 0.8.7)
      thor (>= 0.18.1, < 2.0)
    raindrops (0.14.0)
    rake (10.4.2)
    redis (3.2.1)
    redis-actionpack (4.0.0)
      actionpack (~> 4)
      redis-rack (~> 1.5.0)
      redis-store (~> 1.1.0)
    redis-activesupport (4.0.0)
      activesupport (~> 4)
      redis-store (~> 1.1.0)
    redis-namespace (1.5.2)
      redis (~> 3.0, >= 3.0.4)
    redis-rack (1.5.0)
      rack (~> 1.5)
      redis-store (~> 1.1.0)
    redis-rails (4.0.0)
      redis-actionpack (~> 4)
      redis-activesupport (~> 4)
      redis-store (~> 1.1.0)
    redis-store (1.1.5)
      redis (>= 2.2)
    responders (2.1.0)
      railties (>= 4.2.0, < 5)
    resque (1.25.2)
      mono_logger (~> 1.0)
      multi_json (~> 1.0)
      redis-namespace (~> 1.3)
      sinatra (>= 0.9.2)
      vegas (~> 0.1.2)
    resque-scheduler (4.0.0)
      mono_logger (~> 1.0)
      redis (~> 3.0)
      resque (~> 1.25)
      rufus-scheduler (~> 3.0)
    resque_mailer (2.2.7)
      actionmailer (>= 3.0)
    ri_cal (0.8.8)
    rsolr (1.0.12)
      builder (>= 2.1.2)
    rufus-scheduler (3.1.3)
    sass (3.4.15)
    sass-rails (5.0.3)
      railties (>= 4.0.0, < 5.0)
      sass (~> 3.1)
      sprockets (>= 2.8, < 4.0)
      sprockets-rails (>= 2.0, < 4.0)
      tilt (~> 1.1)
    scrub_rb (1.0.1)
    simple_form (3.1.0)
      actionpack (~> 4.0)
      activemodel (~> 4.0)
    sinatra (1.4.6)
      rack (~> 1.4)
      rack-protection (~> 1.4)
      tilt (>= 1.3, < 3)
    sitemap_generator (5.0.5)
      builder
    spring (1.3.6)
    sprockets (3.2.0)
      rack (~> 1.0)
    sprockets-rails (2.3.2)
      actionpack (>= 3.0)
      activesupport (>= 3.0)
      sprockets (>= 2.8, < 4.0)
    statesman (1.3.1)
    sunspot (2.2.0)
      pr_geohash (~> 1.0)
      rsolr (~> 1.0.7)
    sunspot_rails (2.2.0)
      nokogiri
      rails (>= 3)
      sunspot (= 2.2.0)
    sunspot_solr (2.1.1)
    thor (0.19.1)
    thread_safe (0.3.5)
    tilt (1.4.1)
    timeliness (0.3.7)
    turbolinks (2.5.3)
      coffee-rails
    tzinfo (1.2.2)
      thread_safe (~> 0.1)
    uglifier (2.7.1)
      execjs (>= 0.3.0)
      json (>= 1.8.0)
    unf (0.1.4)
      unf_ext
    unf_ext (0.0.7.1)
    unicorn (4.9.0)
      kgio (~> 2.6)
      rack
      raindrops (~> 0.7)
    vegas (0.1.11)
      rack (>= 1.0.0)
    warden (1.2.3)
      rack (>= 1.0)
    web-console (2.1.3)
      activemodel (>= 4.0)
      binding_of_caller (>= 0.7.2)
      railties (>= 4.0)
      sprockets-rails (>= 2.0, < 4.0)
    whenever (0.9.4)
      chronic (>= 0.6.3)

PLATFORMS
  ruby

DEPENDENCIES
  aws-sdk (< 2.0)
  byebug
  coffee-rails (~> 4.1.0)
  dotenv-rails
  enju_biblio!
  enju_circulation!
  enju_flower!
  enju_grid!
  enju_leaf!
  enju_loc!
  enju_manifestation_viewer!
  enju_ndl!
  enju_subject!
  exception_notification (~> 4.0)
  exception_notification-rake
  foreman
  jbuilder (~> 2.0)
  jquery-rails
  memcachier
  newrelic_rpm
  non-stupid-digest-assets
  pg
  progress_bar
  rails (= 4.2.1)
  rails_12factor
  sass-rails (~> 5.0)
  spring
  sunspot_solr (~> 2.1.1)
  turbolinks
  uglifier (>= 1.3.0)
  unicorn
  web-console (~> 2.0)
  whenever
