GIT
  remote: git://github.com/masao/enju_grid.git
  revision: 98c853bfe4a4a04dc01b7e97d41ee49794a4b8c6
  branch: 1.1
  specs:
    enju_grid (0.0.1)

GIT
  remote: git://github.com/next-l/enju_biblio.git
  revision: c67af6c0c446452714a34dcf88c4fd764ddf3794
  branch: 1.1
  specs:
    enju_biblio (0.1.2)
      aws-sdk
      dynamic_form
      faraday
      library_stdnums
      lisbn
      marc
      paper_trail (~> 4.0)
      paperclip
      paperclip-meta
      resque_mailer
      simple_form
      statesman (~> 1.3)
      validates_timeliness (~> 4.0)

GIT
  remote: git://github.com/next-l/enju_circulation.git
  revision: 9fac0f0d38b54c131614b9e62c4427c0595f38e2
  branch: 1.1
  specs:
    enju_circulation (0.1.1)
      enju_event (~> 0.1.18)
      enju_leaf (~> 1.1.2)

GIT
  remote: git://github.com/next-l/enju_flower.git
  revision: 03ee350fbaa558ec6b1e20520879dd45ca62ad84
  branch: 1.1
  specs:
    enju_flower (0.1.1)

GIT
  remote: git://github.com/next-l/enju_leaf.git
  revision: e45a0a1d8fe65d5f48f2e494e0ede1dbc3c8893f
  branch: 1.1
  specs:
    enju_leaf (1.1.2)
      acts_as_list (~> 0.7)
      addressable
      attribute_normalizer (~> 1.2)
      cancancan (~> 1.12)
      dalli
      devise (~> 3.5)
      devise-encryptable
      enju_biblio (~> 0.1.1)
      enju_library (~> 0.1.0)
      enju_manifestation_viewer (~> 0.1.0)
      friendly_id (>= 4.0)
      jquery-ui-rails (~> 4.2.1)
      kaminari (~> 0.16.3)
      kramdown
      mobylette (~> 3.5)
      nested_form
      paperclip (~> 4.2)
      rails (>= 3.2.22, < 5.0)
      rails_autolink
      redis-rails
      resque
      resque-scheduler (~> 4.0)
      sitemap_generator (~> 5.1)
      statesman (~> 1.3)
      sunspot_rails (= 2.2.0)

GIT
  remote: git://github.com/next-l/enju_loc.git
  revision: 982f6b667ff2ef642d490aac76d84a0a715a7f69
  branch: 1.1
  specs:
    enju_loc (0.1.1)
      faraday
      nokogiri (~> 1.6.6)

GIT
  remote: git://github.com/next-l/enju_manifestation_viewer.git
  revision: 89b75b8a16c42e8e9feee585fbf2d5ca2e1498d3
  branch: 1.1
  specs:
    enju_manifestation_viewer (0.1.1)
      enju_biblio (~> 0.1.2)

GIT
  remote: git://github.com/next-l/enju_ndl.git
  revision: 8c66ed56936d6415b312e554b581036ad8cf6127
  branch: 1.1
  specs:
    enju_ndl (0.1.1)
      faraday
      library_stdnums
      lisbn
      nokogiri (~> 1.6.6)

GIT
  remote: git://github.com/next-l/enju_nii.git
  revision: 14f6725f41b431bf132329675aef0fc1574b77d3
  branch: 1.1
  specs:
    enju_nii (0.1.1)
      enju_biblio (~> 0.1.2)
      faraday

GIT
  remote: git://github.com/next-l/enju_subject.git
  revision: 957d9805e0f2d7dda91be6e2df06e4c9f59cde2b
  branch: 1.1
  specs:
    enju_subject (0.1.1)
      dynamic_form

GEM
  remote: https://rubygems.org/
  specs:
    actionmailer (4.2.5)
      actionpack (= 4.2.5)
      actionview (= 4.2.5)
      activejob (= 4.2.5)
      mail (~> 2.5, >= 2.5.4)
      rails-dom-testing (~> 1.0, >= 1.0.5)
    actionpack (4.2.5)
      actionview (= 4.2.5)
      activesupport (= 4.2.5)
      rack (~> 1.6)
      rack-test (~> 0.6.2)
      rails-dom-testing (~> 1.0, >= 1.0.5)
      rails-html-sanitizer (~> 1.0, >= 1.0.2)
    actionview (4.2.5)
      activesupport (= 4.2.5)
      builder (~> 3.1)
      erubis (~> 2.7.0)
      rails-dom-testing (~> 1.0, >= 1.0.5)
      rails-html-sanitizer (~> 1.0, >= 1.0.2)
    activejob (4.2.5)
      activesupport (= 4.2.5)
      globalid (>= 0.3.0)
    activemodel (4.2.5)
      activesupport (= 4.2.5)
      builder (~> 3.1)
    activerecord (4.2.5)
      activemodel (= 4.2.5)
      activesupport (= 4.2.5)
      arel (~> 6.0)
    activesupport (4.2.5)
      i18n (~> 0.7)
      json (~> 1.7, >= 1.7.7)
      minitest (~> 5.1)
      thread_safe (~> 0.3, >= 0.3.4)
      tzinfo (~> 1.1)
    acts_as_list (0.7.2)
      activerecord (>= 3.0)
    addressable (2.4.0)
    arel (6.0.3)
    attribute_normalizer (1.2.0)
    awesome_nested_set (3.0.2)
      activerecord (>= 4.0.0, < 5)
    aws-sdk (1.66.0)
      aws-sdk-v1 (= 1.66.0)
    aws-sdk-v1 (1.66.0)
      json (~> 1.4)
      nokogiri (>= 1.4.4)
    bcrypt (3.1.10)
    binding_of_caller (0.7.2)
      debug_inspector (>= 0.0.1)
    builder (3.2.2)
    byebug (8.2.1)
    cancancan (1.13.1)
    chronic (0.10.2)
    climate_control (0.0.3)
      activesupport (>= 3.0)
    cocaine (0.5.8)
      climate_control (>= 0.0.3, < 1.0)
    coffee-rails (4.1.1)
      coffee-script (>= 2.2.0)
      railties (>= 4.0.0, < 5.1.x)
    coffee-script (2.4.1)
      coffee-script-source
      execjs
    coffee-script-source (1.10.0)
    concurrent-ruby (1.0.0)
    dalli (2.7.5)
    debug_inspector (0.0.2)
    devise (3.5.3)
      bcrypt (~> 3.0)
      orm_adapter (~> 0.1)
      railties (>= 3.2.6, < 5)
      responders
      thread_safe (~> 0.1)
      warden (~> 1.2.3)
    devise-encryptable (0.2.0)
      devise (>= 2.1.0)
    dotenv (2.1.0)
    dotenv-rails (2.1.0)
      dotenv (= 2.1.0)
      railties (>= 4.0, < 5.1)
    dynamic_form (1.1.4)
    enju_event (0.1.18)
      enju_message (~> 0.1.15)
      paperclip
      rails_autolink
      ri_cal
      simple_form
      statesman (~> 1.3)
    enju_library (0.1.1)
      geocoder
    enju_message (0.1.15)
      awesome_nested_set
      rails_autolink
      resque_mailer
      simple_form
      statesman (~> 1.3)
    erubis (2.7.0)
    exception_notification (4.1.4)
      actionmailer (~> 4.0)
      activesupport (~> 4.0)
    exception_notification-rake (0.2.1)
      exception_notification (~> 4.1.0)
      rake (>= 0.9.0)
    execjs (2.6.0)
    faraday (0.9.2)
      multipart-post (>= 1.2, < 3)
    foreman (0.78.0)
      thor (~> 0.19.1)
    friendly_id (5.1.0)
      activerecord (>= 4.0.0)
    geocoder (1.2.14)
    globalid (0.3.6)
      activesupport (>= 4.1.0)
    highline (1.7.8)
    i18n (0.7.0)
    jbuilder (2.4.0)
      activesupport (>= 3.0.0, < 5.1)
      multi_json (~> 1.2)
    jquery-rails (4.1.0)
      rails-dom-testing (~> 1.0)
      railties (>= 4.2.0)
      thor (>= 0.14, < 2.0)
    jquery-ui-rails (4.2.1)
      railties (>= 3.2.16)
    json (1.8.3)
    kaminari (0.16.3)
      actionpack (>= 3.0.0)
      activesupport (>= 3.0.0)
    kgio (2.10.0)
    kramdown (1.9.0)
    library_stdnums (1.4.1)
    lisbn (0.2.2)
      nokogiri
      nori (~> 2.0)
    loofah (2.0.3)
      nokogiri (>= 1.5.9)
    mail (2.6.3)
      mime-types (>= 1.16, < 3)
    marc (1.0.0)
      scrub_rb (>= 1.0.1, < 2)
      unf
    memcachier (0.0.2)
    mime-types (2.99)
    mimemagic (0.3.0)
    mini_portile2 (2.0.0)
    minitest (5.8.3)
    mobylette (3.5)
      actionpack (>= 3.0)
    mono_logger (1.1.0)
    multi_json (1.11.2)
    multipart-post (2.0.0)
    nested_form (0.3.2)
    newrelic_rpm (3.14.1.311)
    nokogiri (1.6.7.1)
      mini_portile2 (~> 2.0.0.rc2)
    non-stupid-digest-assets (1.0.6)
      sprockets (>= 2.0)
    nori (2.6.0)
    options (2.3.2)
    orm_adapter (0.5.0)
    paper_trail (4.0.1)
      activerecord (>= 3.0, < 6.0)
      activesupport (>= 3.0, < 6.0)
      request_store (~> 1.1)
    paperclip (4.3.2)
      activemodel (>= 3.2.0)
      activesupport (>= 3.2.0)
      cocaine (~> 0.5.5)
      mime-types
      mimemagic (= 0.3.0)
    paperclip-meta (2.0.0)
      paperclip (>= 3.0.2, < 5.0)
    pg (0.18.4)
    pr_geohash (1.0.0)
    progress_bar (1.0.5)
      highline (~> 1.6)
      options (~> 2.3.0)
    rack (1.6.4)
    rack-protection (1.5.3)
      rack
    rack-test (0.6.3)
      rack (>= 1.0)
    rails (4.2.5)
      actionmailer (= 4.2.5)
      actionpack (= 4.2.5)
      actionview (= 4.2.5)
      activejob (= 4.2.5)
      activemodel (= 4.2.5)
      activerecord (= 4.2.5)
      activesupport (= 4.2.5)
      bundler (>= 1.3.0, < 2.0)
      railties (= 4.2.5)
      sprockets-rails
    rails-deprecated_sanitizer (1.0.3)
      activesupport (>= 4.2.0.alpha)
    rails-dom-testing (1.0.7)
      activesupport (>= 4.2.0.beta, < 5.0)
      nokogiri (~> 1.6.0)
      rails-deprecated_sanitizer (>= 1.0.1)
    rails-html-sanitizer (1.0.2)
      loofah (~> 2.0)
    rails_12factor (0.0.3)
      rails_serve_static_assets
      rails_stdout_logging
    rails_autolink (1.1.6)
      rails (> 3.1)
    rails_serve_static_assets (0.0.4)
    rails_stdout_logging (0.0.4)
    railties (4.2.5)
      actionpack (= 4.2.5)
      activesupport (= 4.2.5)
      rake (>= 0.8.7)
      thor (>= 0.18.1, < 2.0)
    raindrops (0.15.0)
    rake (10.5.0)
    redis (3.2.2)
    redis-actionpack (4.0.1)
      actionpack (~> 4)
      redis-rack (~> 1.5.0)
      redis-store (~> 1.1.0)
    redis-activesupport (4.1.5)
      activesupport (>= 3, < 5)
      redis-store (~> 1.1.0)
    redis-namespace (1.5.2)
      redis (~> 3.0, >= 3.0.4)
    redis-rack (1.5.0)
      rack (~> 1.5)
      redis-store (~> 1.1.0)
    redis-rails (4.0.0)
      redis-actionpack (~> 4)
      redis-activesupport (~> 4)
      redis-store (~> 1.1.0)
    redis-store (1.1.7)
      redis (>= 2.2)
    request_store (1.3.0)
    responders (2.1.1)
      railties (>= 4.2.0, < 5.1)
    resque (1.25.2)
      mono_logger (~> 1.0)
      multi_json (~> 1.0)
      redis-namespace (~> 1.3)
      sinatra (>= 0.9.2)
      vegas (~> 0.1.2)
    resque-scheduler (4.0.0)
      mono_logger (~> 1.0)
      redis (~> 3.0)
      resque (~> 1.25)
      rufus-scheduler (~> 3.0)
    resque_mailer (2.2.7)
      actionmailer (>= 3.0)
    ri_cal (0.8.8)
    rsolr (1.0.13)
      builder (>= 2.1.2)
    rufus-scheduler (3.2.0)
    sass (3.4.21)
    sass-rails (5.0.4)
      railties (>= 4.0.0, < 5.0)
      sass (~> 3.1)
      sprockets (>= 2.8, < 4.0)
      sprockets-rails (>= 2.0, < 4.0)
      tilt (>= 1.1, < 3)
    scrub_rb (1.0.1)
    simple_form (3.2.1)
      actionpack (> 4, < 5.1)
      activemodel (> 4, < 5.1)
    sinatra (1.4.6)
      rack (~> 1.4)
      rack-protection (~> 1.4)
      tilt (>= 1.3, < 3)
    sitemap_generator (5.1.0)
      builder
    spring (1.6.2)
    sprockets (3.5.2)
      concurrent-ruby (~> 1.0)
      rack (> 1, < 3)
    sprockets-rails (3.0.0)
      actionpack (>= 4.0)
      activesupport (>= 4.0)
      sprockets (>= 3.0.0)
    statesman (1.3.1)
    sunspot (2.2.0)
      pr_geohash (~> 1.0)
      rsolr (~> 1.0.7)
    sunspot_rails (2.2.0)
      nokogiri
      rails (>= 3)
      sunspot (= 2.2.0)
    sunspot_solr (2.1.1)
    thor (0.19.1)
    thread_safe (0.3.5)
    tilt (2.0.2)
    timeliness (0.3.8)
    turbolinks (2.5.3)
      coffee-rails
    tzinfo (1.2.2)
      thread_safe (~> 0.1)
    uglifier (2.7.2)
      execjs (>= 0.3.0)
      json (>= 1.8.0)
    unf (0.1.4)
      unf_ext
    unf_ext (0.0.7.1)
    unicorn (5.0.1)
      kgio (~> 2.6)
      rack
      raindrops (~> 0.7)
    validates_timeliness (4.0.2)
      timeliness (~> 0.3.7)
    vegas (0.1.11)
      rack (>= 1.0.0)
    warden (1.2.4)
      rack (>= 1.0)
    web-console (2.2.1)
      activemodel (>= 4.0)
      binding_of_caller (>= 0.7.2)
      railties (>= 4.0)
      sprockets-rails (>= 2.0, < 4.0)
    whenever (0.9.4)
      chronic (>= 0.6.3)

PLATFORMS
  ruby

DEPENDENCIES
  aws-sdk (< 2.0)
  byebug
  coffee-rails (~> 4.1.0)
  dotenv-rails
  enju_biblio!
  enju_circulation!
  enju_flower!
  enju_grid!
  enju_leaf!
  enju_loc!
  enju_manifestation_viewer!
  enju_ndl!
  enju_nii!
  enju_subject!
  exception_notification (~> 4.0)
  exception_notification-rake
  foreman
  jbuilder (~> 2.0)
  jquery-rails
  memcachier
  newrelic_rpm
  non-stupid-digest-assets
  pg
  progress_bar
  rails (= 4.2.5)
  rails_12factor
  sass-rails (~> 5.0)
  spring
  sunspot_solr (~> 2.1.1)
  turbolinks
  uglifier (>= 1.3.0)
  unicorn
  web-console (~> 2.0)
  whenever

BUNDLED WITH
   1.11.2
