GIT
  remote: git://github.com/next-l/enju_ndl.git
  revision: 7b1388e86e76ca31a0990f49376d079e183b997a
  branch: 1.1
  specs:
    enju_ndl (0.1.0.pre35)
      faraday
      library_stdnums
      lisbn
      nokogiri (~> 1.6.6)

GEM
  remote: https://rubygems.org/
  specs:
    actionmailer (4.2.0)
      actionpack (= 4.2.0)
      actionview (= 4.2.0)
      activejob (= 4.2.0)
      mail (~> 2.5, >= 2.5.4)
      rails-dom-testing (~> 1.0, >= 1.0.5)
    actionpack (4.2.0)
      actionview (= 4.2.0)
      activesupport (= 4.2.0)
      rack (~> 1.6.0)
      rack-test (~> 0.6.2)
      rails-dom-testing (~> 1.0, >= 1.0.5)
      rails-html-sanitizer (~> 1.0, >= 1.0.1)
    actionview (4.2.0)
      activesupport (= 4.2.0)
      builder (~> 3.1)
      erubis (~> 2.7.0)
      rails-dom-testing (~> 1.0, >= 1.0.5)
      rails-html-sanitizer (~> 1.0, >= 1.0.1)
    activejob (4.2.0)
      activesupport (= 4.2.0)
      globalid (>= 0.3.0)
    activemodel (4.2.0)
      activesupport (= 4.2.0)
      builder (~> 3.1)
    activerecord (4.2.0)
      activemodel (= 4.2.0)
      activesupport (= 4.2.0)
      arel (~> 6.0)
    activesupport (4.2.0)
      i18n (~> 0.7)
      json (~> 1.7, >= 1.7.7)
      minitest (~> 5.1)
      thread_safe (~> 0.3, >= 0.3.4)
      tzinfo (~> 1.1)
    acts_as_list (0.6.0)
      activerecord (>= 3.0)
    addressable (2.3.8)
    arel (6.0.0)
    attribute_normalizer (1.2.0)
    awesome_nested_set (3.0.2)
      activerecord (>= 4.0.0, < 5)
    aws-sdk (2.0.40)
      aws-sdk-resources (= 2.0.40)
    aws-sdk-core (2.0.40)
      builder (~> 3.0)
      jmespath (~> 1.0)
      multi_json (~> 1.0)
    aws-sdk-resources (2.0.40)
      aws-sdk-core (= 2.0.40)
    bcrypt (3.1.10)
    binding_of_caller (0.7.2)
      debug_inspector (>= 0.0.1)
    builder (3.2.2)
    byebug (4.0.5)
      columnize (= 0.9.0)
    cancancan (1.10.1)
    chronic (0.10.2)
    climate_control (0.0.3)
      activesupport (>= 3.0)
    cocaine (0.5.7)
      climate_control (>= 0.0.3, < 1.0)
    coffee-rails (4.1.0)
      coffee-script (>= 2.2.0)
      railties (>= 4.0.0, < 5.0)
    coffee-script (2.4.1)
      coffee-script-source
      execjs
    coffee-script-source (1.9.1.1)
    columnize (0.9.0)
    dalli (2.7.4)
    debug_inspector (0.0.2)
    devise (3.4.1)
      bcrypt (~> 3.0)
      orm_adapter (~> 0.1)
      railties (>= 3.2.6, < 5)
      responders
      thread_safe (~> 0.1)
      warden (~> 1.2.3)
    devise-encryptable (0.2.0)
      devise (>= 2.1.0)
    dotenv (2.0.1)
    dotenv-rails (2.0.1)
      dotenv (= 2.0.1)
    dynamic_form (1.1.4)
    enju_biblio (0.1.0.pre65)
      aws-sdk
      dynamic_form
      faraday
      jc-validates_timeliness
      library_stdnums
      lisbn
      marc
      paper_trail (~> 3.0)
      paperclip
      paperclip-meta
      resque_mailer
      simple_form
      statesman
    enju_circulation (0.1.0.pre43)
      enju_biblio (~> 0.1.0.pre65)
      enju_event (~> 0.1.17.pre24)
      enju_library (~> 0.1.0.pre40)
      enju_message (~> 0.1.14.pre22)
    enju_event (0.1.17.pre24)
      enju_message (~> 0.1.14.pre22)
      paperclip
      rails_autolink
      ri_cal
      simple_form
      statesman
    enju_flower (0.1.0.pre21)
    enju_leaf (1.1.0.rc17)
      acts_as_list (~> 0.6)
      addressable
      attribute_normalizer (~> 1.2)
      cancancan (~> 1.10)
      dalli
      devise (~> 3.4)
      devise-encryptable
      enju_biblio (~> 0.1.0.pre64)
      enju_library (~> 0.1.0.pre40)
      enju_manifestation_viewer (~> 0.1.0.pre17)
      friendly_id (>= 4.0)
      jquery-ui-rails (~> 4.2.1)
      kaminari (~> 0.16.3)
      mobylette (~> 3.5)
      nested_form
      paperclip (~> 4.2)
      rails (>= 3.2.21, < 5.0)
      rails_autolink
      redcarpet
      redis-rails
      resque
      resque-scheduler (~> 4.0)
      settingslogic
      sitemap_generator
      statesman
      sunspot_rails (~> 2.1)
    enju_library (0.1.0.pre40)
      geocoder
    enju_loc (0.1.0.pre4)
      faraday
      nokogiri (~> 1.6.6)
    enju_manifestation_viewer (0.1.0.pre17)
      enju_biblio (~> 0.1.0.pre64)
    enju_message (0.1.14.pre22)
      awesome_nested_set
      rails_autolink
      resque_mailer
      simple_form
      statesman
    enju_subject (0.1.0.pre29)
      dynamic_form
    erubis (2.7.0)
    exception_notification (4.0.1)
      actionmailer (>= 3.0.4)
      activesupport (>= 3.0.4)
    exception_notification-rake (0.1.2)
      exception_notification (~> 4.0.1)
      rake (>= 0.9.0)
    execjs (2.5.2)
    faraday (0.9.1)
      multipart-post (>= 1.2, < 3)
    foreman (0.78.0)
      thor (~> 0.19.1)
    friendly_id (5.1.0)
      activerecord (>= 4.0.0)
    geocoder (1.2.8)
    globalid (0.3.5)
      activesupport (>= 4.1.0)
    highline (1.6.21)
    i18n (0.7.0)
    jbuilder (2.2.13)
      activesupport (>= 3.0.0, < 5)
      multi_json (~> 1.2)
    jc-validates_timeliness (3.1.1)
      timeliness (~> 0.3.7)
    jmespath (1.0.2)
      multi_json (~> 1.0)
    jquery-rails (4.0.3)
      rails-dom-testing (~> 1.0)
      railties (>= 4.2.0)
      thor (>= 0.14, < 2.0)
    jquery-ui-rails (4.2.1)
      railties (>= 3.2.16)
    json (1.8.2)
    kaminari (0.16.3)
      actionpack (>= 3.0.0)
      activesupport (>= 3.0.0)
    kgio (2.9.3)
    library_stdnums (1.4.1)
    lisbn (0.2.1)
      nokogiri
      nori (~> 2.0)
    loofah (2.0.1)
      nokogiri (>= 1.5.9)
    mail (2.6.3)
      mime-types (>= 1.16, < 3)
    marc (1.0.0)
      scrub_rb (>= 1.0.1, < 2)
      unf
    memcachier (0.0.2)
    mime-types (2.4.3)
    mini_portile (0.6.2)
    minitest (5.6.0)
    mobylette (3.5)
      actionpack (>= 3.0)
    mono_logger (1.1.0)
    multi_json (1.11.0)
    multipart-post (2.0.0)
    nested_form (0.3.2)
    newrelic_rpm (3.11.2.286)
    nokogiri (1.6.6.2)
      mini_portile (~> 0.6.0)
    non-stupid-digest-assets (1.0.4)
    nori (2.5.0)
    options (2.3.2)
    orm_adapter (0.5.0)
    paper_trail (3.0.7)
      activerecord (>= 3.0, < 5.0)
      activesupport (>= 3.0, < 5.0)
    paperclip (4.2.1)
      activemodel (>= 3.0.0)
      activesupport (>= 3.0.0)
      cocaine (~> 0.5.3)
      mime-types
    paperclip-meta (1.2.0)
      paperclip (>= 3.0.2, < 5.0)
    pg (0.18.1)
    pr_geohash (1.0.0)
    progress_bar (1.0.3)
      highline (~> 1.6.1)
      options (~> 2.3.0)
    rack (1.6.0)
    rack-protection (1.5.3)
      rack
    rack-test (0.6.3)
      rack (>= 1.0)
    rails (4.2.0)
      actionmailer (= 4.2.0)
      actionpack (= 4.2.0)
      actionview (= 4.2.0)
      activejob (= 4.2.0)
      activemodel (= 4.2.0)
      activerecord (= 4.2.0)
      activesupport (= 4.2.0)
      bundler (>= 1.3.0, < 2.0)
      railties (= 4.2.0)
      sprockets-rails
    rails-deprecated_sanitizer (1.0.3)
      activesupport (>= 4.2.0.alpha)
    rails-dom-testing (1.0.6)
      activesupport (>= 4.2.0.beta, < 5.0)
      nokogiri (~> 1.6.0)
      rails-deprecated_sanitizer (>= 1.0.1)
    rails-html-sanitizer (1.0.2)
      loofah (~> 2.0)
    rails_12factor (0.0.3)
      rails_serve_static_assets
      rails_stdout_logging
    rails_autolink (1.1.6)
      rails (> 3.1)
    rails_serve_static_assets (0.0.4)
    rails_stdout_logging (0.0.3)
    railties (4.2.0)
      actionpack (= 4.2.0)
      activesupport (= 4.2.0)
      rake (>= 0.8.7)
      thor (>= 0.18.1, < 2.0)
    raindrops (0.13.0)
    rake (10.4.2)
    rdoc (4.2.0)
    redcarpet (3.2.3)
    redis (3.2.1)
    redis-actionpack (4.0.0)
      actionpack (~> 4)
      redis-rack (~> 1.5.0)
      redis-store (~> 1.1.0)
    redis-activesupport (4.0.0)
      activesupport (~> 4)
      redis-store (~> 1.1.0)
    redis-namespace (1.5.2)
      redis (~> 3.0, >= 3.0.4)
    redis-rack (1.5.0)
      rack (~> 1.5)
      redis-store (~> 1.1.0)
    redis-rails (4.0.0)
      redis-actionpack (~> 4)
      redis-activesupport (~> 4)
      redis-store (~> 1.1.0)
    redis-store (1.1.4)
      redis (>= 2.2)
    responders (2.1.0)
      railties (>= 4.2.0, < 5)
    resque (1.25.2)
      mono_logger (~> 1.0)
      multi_json (~> 1.0)
      redis-namespace (~> 1.3)
      sinatra (>= 0.9.2)
      vegas (~> 0.1.2)
    resque-scheduler (4.0.0)
      mono_logger (~> 1.0)
      redis (~> 3.0)
      resque (~> 1.25)
      rufus-scheduler (~> 3.0)
    resque_mailer (2.2.7)
      actionmailer (>= 3.0)
    ri_cal (0.8.8)
    rsolr (1.0.12)
      builder (>= 2.1.2)
    rufus-scheduler (3.1.1)
    sass (3.4.13)
    sass-rails (5.0.3)
      railties (>= 4.0.0, < 5.0)
      sass (~> 3.1)
      sprockets (>= 2.8, < 4.0)
      sprockets-rails (>= 2.0, < 4.0)
      tilt (~> 1.1)
    scrub_rb (1.0.1)
    sdoc (0.4.1)
      json (~> 1.7, >= 1.7.7)
      rdoc (~> 4.0)
    settingslogic (2.0.9)
    simple_form (3.1.0)
      actionpack (~> 4.0)
      activemodel (~> 4.0)
    sinatra (1.4.6)
      rack (~> 1.4)
      rack-protection (~> 1.4)
      tilt (>= 1.3, < 3)
    sitemap_generator (5.0.5)
      builder
    spring (1.3.4)
    sprockets (3.0.2)
      rack (~> 1.0)
    sprockets-rails (2.2.4)
      actionpack (>= 3.0)
      activesupport (>= 3.0)
      sprockets (>= 2.8, < 4.0)
    statesman (1.2.3)
    sunspot (2.2.0)
      pr_geohash (~> 1.0)
      rsolr (~> 1.0.7)
    sunspot_rails (2.2.0)
      nokogiri
      rails (>= 3)
      sunspot (= 2.2.0)
    sunspot_solr (2.1.1)
    thor (0.19.1)
    thread_safe (0.3.5)
    tilt (1.4.1)
    timeliness (0.3.7)
    turbolinks (2.5.3)
      coffee-rails
    tzinfo (1.2.2)
      thread_safe (~> 0.1)
    uglifier (2.7.1)
      execjs (>= 0.3.0)
      json (>= 1.8.0)
    unf (0.1.4)
      unf_ext
    unf_ext (0.0.7.1)
    unicorn (4.9.0)
      kgio (~> 2.6)
      rack
      raindrops (~> 0.7)
    vegas (0.1.11)
      rack (>= 1.0.0)
    warden (1.2.3)
      rack (>= 1.0)
    web-console (2.1.2)
      activemodel (>= 4.0)
      binding_of_caller (>= 0.7.2)
      railties (>= 4.0)
      sprockets-rails (>= 2.0, < 4.0)
    whenever (0.9.4)
      chronic (>= 0.6.3)

PLATFORMS
  ruby

DEPENDENCIES
  byebug
  coffee-rails (~> 4.1.0)
  dotenv-rails
  enju_circulation (~> 0.1.0.pre42)
  enju_flower (~> 0.1.0.pre21)
  enju_leaf (~> 1.1.0.rc17)
  enju_loc
  enju_ndl!
  enju_subject (~> 0.1.0.pre29)
  exception_notification (~> 4.0)
  exception_notification-rake
  foreman
  jbuilder (~> 2.0)
  jquery-rails
  memcachier
  newrelic_rpm
  non-stupid-digest-assets
  pg
  progress_bar
  rails (= 4.2.0)
  rails_12factor
  sass-rails (~> 5.0)
  sdoc (~> 0.4.0)
  spring
  sunspot_solr (~> 2.1.1)
  turbolinks
  uglifier (>= 1.3.0)
  unicorn
  web-console (~> 2.0)
  whenever
